PATH
  remote: .
  specs:
    fabricate (0.0.1)
      faraday (>= 0.9)
      oga

GEM
  remote: https://rubygems.org/
  specs:
    ansi (1.5.0)
    ast (2.3.0)
    faraday (0.13.1)
      multipart-post (>= 1.2, < 3)
    multipart-post (2.0.0)
    oga (2.11)
      ast
      ruby-ll (~> 2.1)
    rake (10.5.0)
    ruby-ll (2.1.2)
      ansi
      ast

PLATFORMS
  ruby

DEPENDENCIES
  bundler (~> 1.12)
  fabricate!
  rake (~> 10.0)

BUNDLED WITH
   1.15.4
